PATH
  remote: .
  specs:
    moc_ruby (0.1.0)

GEM
  remote: http://rubygems.org/
  specs:
    coderay (1.0.8)
    metaclass (0.0.1)
    method_source (0.8.1)
    minitest (4.6.0)
    mocha (0.13.2)
      metaclass (~> 0.0.1)
    pry (0.9.11.4)
      coderay (~> 1.0.5)
      method_source (~> 0.8)
      slop (~> 3.4)
    rake (10.0.3)
    slop (3.4.3)

PLATFORMS
  ruby

DEPENDENCIES
  minitest
  moc_ruby!
  mocha
  pry
  rake
